PATH
  remote: .
  specs:
    vdf (0.1.0)

GEM
  remote: https://rubygems.org/
  specs:

PLATFORMS
  x64-mingw32

DEPENDENCIES
  bundler (~> 2.0)
  vdf!

BUNDLED WITH
   2.0.2
